GEM
  remote: http://rubygems.org/
  specs:
    coffee-script (2.2.0)
      coffee-script-source
      execjs
    coffee-script-source (1.1.3)
    daemons (1.1.4)
    eventmachine (0.12.10)
    execjs (1.2.9)
      multi_json (~> 1.0)
    multi_json (1.0.4)
    rack (1.3.5)
    rake (0.9.3.beta.1)
    rake-pipeline (0.5.0)
      rake (~> 0.9.0)
    thin (1.3.1)
      daemons (>= 1.0.9)
      eventmachine (>= 0.12.6)
      rack (>= 1.0.0)

PLATFORMS
  ruby

DEPENDENCIES
  coffee-script
  rack
  rake (= 0.9.3.beta.1)
  rake-pipeline
  thin
